PATH
  remote: .
  specs:
    trailblazer-invoke (0.1.0)
      trailblazer-activity-dsl-linear (>= 1.2.0, < 1.3.0)

GEM
  remote: https://rubygems.org/
  specs:
    hashie (5.0.0)
    hirb (0.7.3)
    minitest (5.25.4)
    minitest-line (0.6.5)
      minitest (~> 5.0)
    rake (13.2.1)
    trailblazer-activity (0.17.0)
      trailblazer-context (~> 0.5.0)
      trailblazer-option (~> 0.1.0)
    trailblazer-activity-dsl-linear (1.2.6)
      trailblazer-activity (>= 0.17.0, < 0.18.0)
      trailblazer-declarative (>= 0.0.1, < 0.1.0)
    trailblazer-context (0.5.1)
      hashie (>= 3.0.0)
    trailblazer-core-utils (0.0.4)
    trailblazer-declarative (0.0.2)
    trailblazer-developer (0.1.0)
      hirb
      trailblazer-activity-dsl-linear (>= 1.2.0, < 1.3.0)
    trailblazer-option (0.1.2)

PLATFORMS
  x86_64-linux

DEPENDENCIES
  minitest (~> 5.0)
  minitest-line
  rake (~> 13.0)
  trailblazer-core-utils
  trailblazer-developer
  trailblazer-invoke!

BUNDLED WITH
   2.3.10
