GIT
  remote: https://github.com/trailblazer/trailblazer-activity-dsl-linear.git
  revision: bc942922ffe86e96810bb46c8e2d26e5bacc669d
  branch: 2-2
  specs:
    trailblazer-activity-dsl-linear (1.3.0)
      trailblazer-activity (>= 0.18.0, < 0.19.0)
      trailblazer-declarative (>= 0.0.1, < 0.1.0)

GIT
  remote: https://github.com/trailblazer/trailblazer-activity.git
  revision: dc3fc9e4e320e8adab94b25912f914ba56b9fdc0
  branch: 2-2
  specs:
    trailblazer-activity (0.18.0)
      trailblazer-context (~> 0.5.0)
      trailblazer-option (~> 0.1.0)

GIT
  remote: https://github.com/trailblazer/trailblazer-developer.git
  revision: 61b654992fb8e16900a37505d9b778edfc624338
  branch: 2-2
  specs:
    trailblazer-developer (0.2.0)
      hirb
      trailblazer-activity-dsl-linear (>= 1.3.0, < 1.4.0)

PATH
  remote: .
  specs:
    trailblazer-invoke (0.0.1)
      trailblazer-activity-dsl-linear (>= 1.3.0, < 1.4.0)

GEM
  remote: https://rubygems.org/
  specs:
    hashie (5.0.0)
    hirb (0.7.3)
    minitest (5.25.5)
    minitest-line (0.6.5)
      minitest (~> 5.0)
    rake (13.3.0)
    trailblazer-context (0.5.1)
      hashie (>= 3.0.0)
    trailblazer-core-utils (0.0.8)
    trailblazer-declarative (0.0.2)
    trailblazer-option (0.1.2)

PLATFORMS
  ruby

DEPENDENCIES
  minitest (~> 5.0)
  minitest-line
  rake (~> 13.0)
  trailblazer-activity!
  trailblazer-activity-dsl-linear!
  trailblazer-core-utils
  trailblazer-developer!
  trailblazer-invoke!

BUNDLED WITH
   2.5.22
